GIT
  remote: git://github.com/gremax/codebreaker.git
  revision: 710b771c0209f8777af062bf3c239366eefabbde
  specs:
    codebreaker (0.1.3)
      colorize (~> 0.7)

GEM
  remote: https://rubygems.org/
  specs:
    colorize (0.7.7)
    rack (1.6.1)

PLATFORMS
  ruby

DEPENDENCIES
  codebreaker!
  rack
